GEM
  remote: http://rubygems.org/
  specs:
    blankslate (2.1.2.4)
    edn (1.0.2)
      parslet (~> 1.4.0)
    facets (2.9.3)
    fattr (2.2.1)
    haml (4.0.3)
      tilt
    kgio (2.8.1)
    mharris_ext (1.7.1)
      facets
      fattr
    parslet (1.4.0)
      blankslate (~> 2.0)
    rack (1.5.2)
    rack-protection (1.5.0)
      rack
    raindrops (0.12.0)
    sinatra (1.4.3)
      rack (~> 1.4)
      rack-protection (~> 1.4)
      tilt (~> 1.3, >= 1.3.4)
    tilt (1.4.1)
    unicorn (4.6.3)
      kgio (~> 2.6)
      rack
      raindrops (~> 0.7)

PLATFORMS
  ruby

DEPENDENCIES
  edn
  haml
  mharris_ext
  sinatra
  unicorn
